GEM
  remote: http://rubygems.org/
  specs:
    rack (1.4.1)
    rack-contrib (1.1.0)
      rack (>= 0.9.1)
    rack-rewrite (1.3.0)
    rack-ssl-enforcer (0.2.4)

PLATFORMS
  ruby

DEPENDENCIES
  rack
  rack-contrib
  rack-rewrite (~> 1.3.0)
  rack-ssl-enforcer
