GEM
  remote: https://rubygems.org/
  specs:
    directory_watcher (1.4.1)
    haml (4.0.0)
      tilt
    rack (1.4.1)
    rack-contrib (1.1.0)
      rack (>= 0.9.1)
    rack-rewrite (1.3.0)
    sass (3.2.6)
    slop (3.3.2)
    stasis (0.2.0)
      directory_watcher (= 1.4.1)
      slop (= 3.3.2)
      tilt (= 1.3.3)
    tilt (1.3.3)

PLATFORMS
  ruby

DEPENDENCIES
  haml (~> 4.0.0)
  rack
  rack-contrib
  rack-rewrite (~> 1.3.0)
  sass (~> 3.2.6)
  stasis (~> 0.2.0)
